GEM
  remote: http://rubygems.org/
  specs:
    yajl-ruby (1.3.1)

PLATFORMS
  ruby

DEPENDENCIES
  yajl-ruby (= 1.3.1)

BUNDLED WITH
   1.16.1
